GEM
  remote: http://rubygems.org/
  specs:
    addressable (2.7.0)
      public_suffix (>= 2.0.2, < 5.0)
    aws-eventstream (1.1.1)
    aws-partitions (1.447.0)
    aws-sdk-core (3.114.0)
      aws-eventstream (~> 1, >= 1.0.2)
      aws-partitions (~> 1, >= 1.239.0)
      aws-sigv4 (~> 1.1)
      jmespath (~> 1.0)
    aws-sdk-kms (1.43.0)
      aws-sdk-core (~> 3, >= 3.112.0)
      aws-sigv4 (~> 1.1)
    aws-sdk-s3 (1.92.0)
      aws-sdk-core (~> 3, >= 3.112.0)
      aws-sdk-kms (~> 1)
      aws-sigv4 (~> 1.1)
    aws-sdk-sqs (1.37.0)
      aws-sdk-core (~> 3, >= 3.112.0)
      aws-sigv4 (~> 1.1)
    aws-sigv4 (1.2.3)
      aws-eventstream (~> 1, >= 1.0.2)
    cool.io (1.7.1)
    dig_rb (1.0.1)
    digest-crc (0.6.3)
      rake (>= 12.0.0, < 14.0.0)
    dogstatsd-ruby (1.4.1)
    domain_name (0.5.20190701)
      unf (>= 0.0.5, < 1.0.0)
    elasticsearch (7.12.0)
      elasticsearch-api (= 7.12.0)
      elasticsearch-transport (= 7.12.0)
    elasticsearch-api (7.12.0)
      multi_json
    elasticsearch-transport (7.12.0)
      faraday (~> 1)
      multi_json
    excon (0.80.1)
    faraday (1.4.1)
      faraday-excon (~> 1.1)
      faraday-net_http (~> 1.0)
      faraday-net_http_persistent (~> 1.1)
      multipart-post (>= 1.2, < 3)
      ruby2_keywords (>= 0.0.4)
    faraday-excon (1.1.0)
    faraday-net_http (1.0.1)
    faraday-net_http_persistent (1.1.0)
    faraday_middleware-aws-sigv4 (0.3.0)
      aws-sigv4 (~> 1.0)
      faraday (>= 0.15)
    ffi (1.15.0)
    ffi-compiler (1.0.1)
      ffi (>= 1.0.0)
      rake
    fluent-config-regexp-type (1.0.0)
      fluentd (> 1.0.0, < 2)
    fluent-logger (0.8.0)
      msgpack (>= 1.0.0, < 2)
    fluent-plugin-aws-elasticsearch-service (2.4.1)
      aws-sdk-core (~> 3)
      faraday_middleware-aws-sigv4 (~> 0.3.0)
      fluent-plugin-elasticsearch (>= 3.3.0, < 6)
      fluentd (>= 0.14.15, < 2)
    fluent-plugin-dogstatsd (0.0.6)
      dogstatsd-ruby (~> 1.4.1)
      fluentd
    fluent-plugin-elasticsearch (4.3.3)
      elasticsearch
      excon
      fluentd (>= 0.14.22)
    fluent-plugin-kafka (0.9.2)
      fluentd (>= 0.10.58, < 2)
      ltsv
      ruby-kafka (>= 0.7.1, < 0.8.0)
    fluent-plugin-kubernetes_metadata_filter (2.5.2)
      fluentd (>= 0.14.0, < 1.12)
      kubeclient (< 5)
      lru_redux
    fluent-plugin-multi-format-parser (1.0.0)
      fluentd (>= 0.14.0, < 2)
    fluent-plugin-prometheus (1.3.0)
      fluentd (>= 0.14.20, < 2)
      prometheus-client
    fluent-plugin-record-modifier (2.0.1)
      fluentd (>= 1.0, < 2)
    fluent-plugin-rewrite-tag-filter (2.1.1)
      fluent-config-regexp-type
      fluentd (>= 0.14.2, < 2)
    fluent-plugin-s3 (1.1.9)
      aws-sdk-s3 (~> 1.0)
      aws-sdk-sqs (~> 1.0)
      fluentd (>= 0.14.22, < 2)
    fluent-plugin-systemd (1.0.4)
      fluentd (>= 0.14.11, < 2)
      systemd-journal (~> 1.4.2)
    fluent-plugin-td (1.0.0)
      fluentd (>= 0.14.13, < 2)
      td-client (~> 1.0)
    fluent-plugin-td-monitoring (1.0.0)
      fluentd (>= 0.10.33)
      httpclient (~> 2.7)
      mixlib-cli (~> 1.7.0)
      mixlib-config (<= 2.2.4)
      mixlib-log (~> 1.7.1)
      mixlib-shellout (~> 2.2.7)
      ohai (~> 6.20.0)
    fluent-plugin-webhdfs (1.2.3)
      fluentd (>= 0.14.4)
      webhdfs (>= 0.6.0)
    fluentd (1.4.2)
      cool.io (>= 1.4.5, < 2.0.0)
      dig_rb (~> 1.0.0)
      http_parser.rb (>= 0.5.1, < 0.7.0)
      msgpack (>= 0.7.0, < 2.0.0)
      serverengine (>= 2.0.4, < 3.0.0)
      sigdump (~> 0.2.2)
      strptime (>= 0.2.2, < 1.0.0)
      tzinfo (~> 1.0)
      tzinfo-data (~> 1.0)
      yajl-ruby (~> 1.0)
    http (4.4.1)
      addressable (~> 2.3)
      http-cookie (~> 1.0)
      http-form_data (~> 2.2)
      http-parser (~> 1.2.0)
    http-accept (1.7.0)
    http-cookie (1.0.3)
      domain_name (~> 0.5)
    http-form_data (2.3.0)
    http-parser (1.2.3)
      ffi-compiler (>= 1.0, < 2.0)
    http_parser.rb (0.6.0)
    httpclient (2.8.3)
    ipaddress (0.8.3)
    jmespath (1.4.0)
    jsonpath (1.1.0)
      multi_json
    kubeclient (4.9.1)
      http (>= 3.0, < 5.0)
      jsonpath (~> 1.0)
      recursive-open-struct (~> 1.1, >= 1.1.1)
      rest-client (~> 2.0)
    lru_redux (1.1.0)
    ltsv (0.1.2)
    mime-types (3.3.1)
      mime-types-data (~> 3.2015)
    mime-types-data (3.2021.0225)
    mixlib-cli (1.7.0)
    mixlib-config (2.2.4)
    mixlib-log (1.7.1)
    mixlib-shellout (2.2.7)
    msgpack (1.4.2)
    multi_json (1.15.0)
    multipart-post (2.1.1)
    netrc (0.11.0)
    ohai (6.20.0)
      ipaddress
      mixlib-cli
      mixlib-config
      mixlib-log
      mixlib-shellout
      systemu (~> 2.5.2)
      yajl-ruby
    prometheus-client (2.1.0)
    public_suffix (4.0.6)
    rake (13.0.3)
    recursive-open-struct (1.1.3)
    rest-client (2.1.0)
      http-accept (>= 1.7.0, < 2.0)
      http-cookie (>= 1.0.2, < 2.0)
      mime-types (>= 1.16, < 4.0)
      netrc (~> 0.8)
    ruby-kafka (0.7.10)
      digest-crc
    ruby2_keywords (0.0.4)
    serverengine (2.2.3)
      sigdump (~> 0.2.2)
    sigdump (0.2.4)
    strptime (0.2.5)
    systemd-journal (1.4.2)
      ffi (~> 1.9)
    systemu (2.5.2)
    td-client (1.0.8)
      httpclient (>= 2.7)
      msgpack (>= 0.5.6, < 2)
    thread_safe (0.3.6)
    tzinfo (1.2.9)
      thread_safe (~> 0.1)
    tzinfo-data (1.2021.1)
      tzinfo (>= 1.0.0)
    unf (0.1.4)
      unf_ext
    unf_ext (0.0.7.7)
    webhdfs (0.9.0)
      addressable
    yajl-ruby (1.4.1)

PLATFORMS
  x86_64-darwin-19
  x86_64-linux

DEPENDENCIES
  fluent-config-regexp-type (= 1.0.0)
  fluent-logger (= 0.8.0)
  fluent-plugin-aws-elasticsearch-service (= 2.4.1)
  fluent-plugin-dogstatsd (= 0.0.6)
  fluent-plugin-elasticsearch (< 6)
  fluent-plugin-kafka (= 0.9.2)
  fluent-plugin-kubernetes_metadata_filter (= 2.5.2)
  fluent-plugin-multi-format-parser (= 1.0.0)
  fluent-plugin-prometheus (= 1.3.0)
  fluent-plugin-record-modifier (= 2.0.1)
  fluent-plugin-rewrite-tag-filter (= 2.1.1)
  fluent-plugin-s3 (= 1.1.9)
  fluent-plugin-systemd (= 1.0.4)
  fluent-plugin-td (= 1.0.0)
  fluent-plugin-td-monitoring (= 1.0.0)
  fluent-plugin-webhdfs (= 1.2.3)
  fluentd (= 1.4.2)

BUNDLED WITH
   2.2.14
